PATH
  remote: ./qless/qless-master
  specs:
    qless (0.10.1.pre)
      redis (>= 2.2)

GEM
  remote: http://rubygems.org/
  specs:
    mime-types (2.3)
    rake (10.3.2)
    redis (3.0.7)
    rest-client (1.6.7)
      mime-types (>= 1.16)

PLATFORMS
  ruby

DEPENDENCIES
  qless!
  rake
  rest-client
