PATH
  remote: .
  specs:
    GitHub-Reminders-Worker (1.0)
      activesupport (~> 3.0.0)
      chronic_duration
      i18n
      rake
      rest-client
      time_difference
      tzinfo
      unicorn

PATH
  remote: ./qless/qless-master
  specs:
    qless (0.10.1.pre)
      redis (>= 2.2)

GEM
  remote: http://rubygems.org/
  specs:
    activesupport (3.0.20)
    chronic_duration (0.10.4)
      numerizer (~> 0.1.1)
    diff-lcs (1.1.3)
    i18n (0.6.10)
    kgio (2.9.2)
    mime-types (2.3)
    numerizer (0.1.1)
    rack (1.5.2)
    rack-test (0.5.7)
      rack (>= 1.0)
    raindrops (0.13.0)
    rake (10.3.2)
    randexp (0.1.7)
    redis (3.0.7)
    rest-client (1.6.7)
      mime-types (>= 1.16)
    rspec (2.4.0)
      rspec-core (~> 2.4.0)
      rspec-expectations (~> 2.4.0)
      rspec-mocks (~> 2.4.0)
    rspec-core (2.4.0)
    rspec-expectations (2.4.0)
      diff-lcs (~> 1.1.2)
    rspec-mocks (2.4.0)
    shotgun (0.9)
      rack (>= 1.0)
    thread_safe (0.3.4)
    time_difference (0.3.2)
      activesupport
    tzinfo (1.2.0)
      thread_safe (~> 0.1)
    unicorn (4.8.3)
      kgio (~> 2.6)
      rack
      raindrops (~> 0.7)

PLATFORMS
  ruby

DEPENDENCIES
  GitHub-Reminders-Worker!
  qless!
  rack-test (~> 0.5.3)
  rake
  randexp (~> 0.1.5)
  rspec (~> 2.4.0)
  shotgun
